GEM
  remote: https://rubygems.org/
  specs:
    Ascii85 (1.0.2)
    afm (0.2.0)
    glib2 (2.0.2)
      pkg-config
    hashery (2.1.1)
    pdf-reader (1.3.3)
      Ascii85 (~> 1.0.0)
      afm (~> 0.2.0)
      hashery (~> 2.0)
      ruby-rc4
      ttfunk
    pkg-config (1.1.4)
    prawn (0.12.0)
      pdf-reader (>= 0.9.0)
      ttfunk (~> 1.0.2)
    rake (10.1.0)
    rake-compiler (0.9.1)
      rake
    rubber-generate (0.0.21)
    ruby-rc4 (0.1.5)
    ttfunk (1.0.3)

PLATFORMS
  ruby

DEPENDENCIES
  glib2
  prawn
  rake-compiler
  rubber-generate
